GIT
  remote: git://github.com/apotonick/roar.git
  revision: 5d3c2f15552b09a6b5b01ab87a6ba6df3c16e744
  specs:
    roar (1.0.3)
      representable (>= 2.4.0, < 3.1.0)

GIT
  remote: git://github.com/haml/haml.git
  revision: 7c7c16930b7fefd6dd9869a3af73f8d86c673b77
  ref: 7c7c169
  specs:
    haml (4.1.0.beta.1)
      tilt

GEM
  remote: https://rubygems.org/
  specs:
    actioncable (5.0.6)
      actionpack (= 5.0.6)
      nio4r (>= 1.2, < 3.0)
      websocket-driver (~> 0.6.1)
    actionmailer (5.0.6)
      actionpack (= 5.0.6)
      actionview (= 5.0.6)
      activejob (= 5.0.6)
      mail (~> 2.5, >= 2.5.4)
      rails-dom-testing (~> 2.0)
    actionpack (5.0.6)
      actionview (= 5.0.6)
      activesupport (= 5.0.6)
      rack (~> 2.0)
      rack-test (~> 0.6.3)
      rails-dom-testing (~> 2.0)
      rails-html-sanitizer (~> 1.0, >= 1.0.2)
    actionview (5.0.6)
      activesupport (= 5.0.6)
      builder (~> 3.1)
      erubis (~> 2.7.0)
      rails-dom-testing (~> 2.0)
      rails-html-sanitizer (~> 1.0, >= 1.0.3)
    activejob (5.0.6)
      activesupport (= 5.0.6)
      globalid (>= 0.3.6)
    activemodel (5.0.6)
      activesupport (= 5.0.6)
    activerecord (5.0.6)
      activemodel (= 5.0.6)
      activesupport (= 5.0.6)
      arel (~> 7.0)
    activesupport (5.0.6)
      concurrent-ruby (~> 1.0, >= 1.0.2)
      i18n (~> 0.7)
      minitest (~> 5.1)
      tzinfo (~> 1.1)
    addressable (2.4.0)
    arel (7.1.4)
    bcrypt (3.1.11)
    binding_of_caller (0.7.2)
      debug_inspector (>= 0.0.1)
    builder (3.2.3)
    capybara (2.7.1)
      addressable
      mime-types (>= 1.16)
      nokogiri (>= 1.3.3)
      rack (>= 1.0.0)
      rack-test (>= 0.5.4)
      xpath (~> 2.0)
    cells (4.1.2)
      tilt (>= 1.4, < 3)
      uber (>= 0.0.9)
    cells-haml (0.0.10)
      cells (>= 4.0.1, <= 6.0.0)
      haml (>= 4.1.0.beta.1)
    cells-rails (0.0.6)
      actionpack (>= 3.0)
      cells (>= 4.1)
    climate_control (0.0.3)
      activesupport (>= 3.0)
    cocaine (0.5.8)
      climate_control (>= 0.0.3, < 1.0)
    coffee-rails (4.2.2)
      coffee-script (>= 2.2.0)
      railties (>= 4.0.0)
    coffee-script (2.4.1)
      coffee-script-source
      execjs
    coffee-script-source (1.12.2)
    concurrent-ruby (1.0.5)
    crass (1.0.3)
    daemons (1.2.3)
    debug_inspector (0.0.2)
    declarative (0.0.8)
      uber (>= 0.0.15)
    disposable (0.3.2)
      declarative (>= 0.0.8, < 1.0.0)
      representable (>= 2.4.0, <= 3.1.0)
      uber
    dragonfly (1.0.12)
      addressable (~> 2.3)
      multi_json (~> 1.0)
      rack (>= 1.3.0)
    email_validator (1.6.0)
      activemodel
    erubis (2.7.0)
    eventmachine (1.2.0.1)
    execjs (2.7.0)
    file_validators (1.2.0)
      activemodel (>= 3.0)
      cocaine (~> 0.5.4)
      mime-types (>= 1.0)
    foundation-icons-sass-rails (3.0.0)
      railties (>= 3.1.1)
      sass-rails (>= 3.1.1)
    foundation-rails (5.4.5.0)
      railties (>= 3.1.0)
      sass (>= 3.2.0)
    globalid (0.4.1)
      activesupport (>= 4.2.0)
    haml-rails (0.9.0)
      actionpack (>= 4.0.1)
      activesupport (>= 4.0.1)
      haml (>= 4.0.6, < 5.0)
      html2haml (>= 1.0.1)
      railties (>= 4.0.1)
    hpricot (0.8.6)
    html2haml (1.0.1)
      erubis (~> 2.7.0)
      haml (>= 4.0.0.rc.1)
      hpricot (~> 0.8.6)
      ruby_parser (~> 3.1.1)
    i18n (0.9.1)
      concurrent-ruby (~> 1.0)
    jquery-rails (4.1.1)
      rails-dom-testing (>= 1, < 3)
      railties (>= 4.2.0)
      thor (>= 0.14, < 2.0)
    kaminari (0.17.0)
      actionpack (>= 3.0.0)
      activesupport (>= 3.0.0)
    kaminari-cells (0.0.4)
      cells (>= 4.0.0, <= 5.0.0)
      kaminari (>= 0.16.0)
    libv8 (3.16.14.19)
    loofah (2.1.1)
      crass (~> 1.0.2)
      nokogiri (>= 1.5.9)
    mail (2.7.0)
      mini_mime (>= 0.1.1)
    memory_test_fix (1.2.1)
      activerecord (>= 3.0.0)
      railties (>= 3.0.0)
    method_source (0.9.0)
    mime-types (3.1)
      mime-types-data (~> 3.2015)
    mime-types-data (3.2016.0521)
    mini_mime (1.0.0)
    mini_portile2 (2.3.0)
    minitest (5.10.3)
    minitest-capybara (0.8.2)
      capybara (~> 2.2)
      minitest (~> 5.0)
      rake
    minitest-line (0.6.4)
      minitest (~> 5.0)
    minitest-metadata (0.6.0)
      minitest (>= 4.7, < 6.0)
    minitest-rails (3.0.0)
      minitest (~> 5.8)
      railties (~> 5.0)
    minitest-rails-capybara (3.0.0)
      capybara (~> 2.7)
      minitest-capybara (~> 0.8)
      minitest-metadata (~> 0.6)
      minitest-rails (~> 3.0)
    minitest-spec-rails (5.4.0)
      minitest (~> 5.0)
      rails (>= 4.1)
    multi_json (1.12.2)
    nio4r (2.1.0)
    nokogiri (1.8.1)
      mini_portile2 (~> 2.3.0)
    paperdragon (0.0.11)
      dragonfly (~> 1.0.12)
      uber
    pg (0.21.0)
    pundit (1.1.0)
      activesupport (>= 3.0.0)
    rack (2.0.3)
    rack-test (0.6.3)
      rack (>= 1.0)
    rails (5.0.6)
      actioncable (= 5.0.6)
      actionmailer (= 5.0.6)
      actionpack (= 5.0.6)
      actionview (= 5.0.6)
      activejob (= 5.0.6)
      activemodel (= 5.0.6)
      activerecord (= 5.0.6)
      activesupport (= 5.0.6)
      bundler (>= 1.3.0)
      railties (= 5.0.6)
      sprockets-rails (>= 2.0.0)
    rails-dom-testing (2.0.3)
      activesupport (>= 4.2.0)
      nokogiri (>= 1.6)
    rails-html-sanitizer (1.0.3)
      loofah (~> 2.0)
    rails-timeago (2.14.0)
      actionpack (>= 3.1)
      activesupport (>= 3.1)
    rails_12factor (0.0.3)
      rails_serve_static_assets
      rails_stdout_logging
    rails_layout (1.0.29)
    rails_serve_static_assets (0.0.5)
    rails_stdout_logging (0.0.5)
    railties (5.0.6)
      actionpack (= 5.0.6)
      activesupport (= 5.0.6)
      method_source
      rake (>= 0.8.7)
      thor (>= 0.18.1, < 2.0)
    rake (12.3.0)
    ref (2.0.0)
    reform (2.2.1)
      disposable (>= 0.3.0, < 0.4.0)
      representable (>= 2.4.0, < 3.1.0)
      uber (~> 0.0.11)
    reform-rails (0.1.4)
      activemodel (>= 3.2)
      reform (>= 2.2.0.rc1)
    representable (3.0.0)
      declarative (~> 0.0.5)
      uber (~> 0.0.15)
    responders (2.2.0)
      railties (>= 4.2.0, < 5.1)
    ruby_parser (3.1.3)
      sexp_processor (~> 4.1)
    sass (3.4.22)
    sass-rails (5.0.5)
      railties (>= 4.0.0, < 6)
      sass (~> 3.1)
      sprockets (>= 2.8, < 4.0)
      sprockets-rails (>= 2.0, < 4.0)
      tilt (>= 1.1, < 3)
    sexp_processor (4.7.0)
    simple_form (3.2.1)
      actionpack (> 4, < 5.1)
      activemodel (> 4, < 5.1)
    sprockets (3.7.1)
      concurrent-ruby (~> 1.0)
      rack (> 1, < 3)
    sprockets-rails (3.2.1)
      actionpack (>= 4.0)
      activesupport (>= 4.0)
      sprockets (>= 3.0.0)
    sqlite3 (1.3.11)
    therubyracer (0.12.3)
      libv8 (~> 3.16.14.15)
      ref
    thin (1.7.0)
      daemons (~> 1.0, >= 1.0.9)
      eventmachine (~> 1.0, >= 1.0.4)
      rack (>= 1, < 3)
    thor (0.20.0)
    thread_safe (0.3.6)
    tilt (2.0.5)
    trailblazer (1.1.1)
      declarative
      reform (>= 2.0.0, < 3.0.0)
      uber (>= 0.0.15)
    trailblazer-loader (0.0.9)
    trailblazer-rails (0.3.1)
      reform-rails (>= 0.1.4)
      trailblazer (>= 1.0.4)
      trailblazer-loader (>= 0.0.7)
    tyrant (0.0.3)
      bcrypt
      disposable (>= 0.1.11)
      reform (~> 2.0)
      trailblazer (~> 1.0)
      warden
    tzinfo (1.2.4)
      thread_safe (~> 0.1)
    uber (0.0.15)
    uglifier (3.0.0)
      execjs (>= 0.3.0, < 3)
    warden (1.2.6)
      rack (>= 1.0)
    websocket-driver (0.6.5)
      websocket-extensions (>= 0.1.0)
    websocket-extensions (0.1.3)
    xpath (2.0.0)
      nokogiri (~> 1.3)

PLATFORMS
  ruby

DEPENDENCIES
  binding_of_caller
  cells (= 4.1.2)
  cells-haml
  cells-rails
  coffee-rails
  email_validator
  file_validators (~> 1.2)
  foundation-icons-sass-rails
  foundation-rails (< 6.0)
  haml!
  haml-rails
  jquery-rails
  kaminari-cells
  memory_test_fix
  minitest-line
  minitest-rails-capybara
  minitest-spec-rails
  paperdragon (>= 0.0.10)
  pg
  pundit
  rails (~> 5.0)
  rails-timeago
  rails_12factor
  rails_layout
  responders
  roar!
  sass-rails
  simple_form
  sqlite3
  therubyracer
  thin
  trailblazer
  trailblazer-rails
  tyrant (= 0.0.3)
  uglifier

BUNDLED WITH
   1.16.0
